PATH
  remote: .
  specs:
    sumo_control (2.0.0)
      faraday (~> 0.8, >= 0.8.11)
      json (~> 1.8, >= 1.8.3)

GEM
  remote: https://rubygems.org/
  specs:
    diff-lcs (1.3)
    faraday (0.8.11)
      multipart-post (~> 1.2.0)
    json (1.8.6)
    multipart-post (1.2.0)
    rake (10.1.1)
    rspec (3.6.0)
      rspec-core (~> 3.6.0)
      rspec-expectations (~> 3.6.0)
      rspec-mocks (~> 3.6.0)
    rspec-core (3.6.0)
      rspec-support (~> 3.6.0)
    rspec-expectations (3.6.0)
      diff-lcs (>= 1.2.0, < 2.0)
      rspec-support (~> 3.6.0)
    rspec-mocks (3.6.0)
      diff-lcs (>= 1.2.0, < 2.0)
      rspec-support (~> 3.6.0)
    rspec-support (3.6.0)
    vcr (3.0.3)

PLATFORMS
  ruby

DEPENDENCIES
  bundler (~> 1.12, >= 1.12.5)
  rake (~> 10.1, >= 10.1.1)
  rspec (~> 3.5, >= 3.5.0)
  sumo_control!
  vcr (~> 3.0, >= 3.0.3)

RUBY VERSION
   ruby 2.3.1p112

BUNDLED WITH
   1.14.6
